GEM
  remote: https://rubygems.org/
  specs:
    hashie (2.0.5)
    mime-types (1.25)
    mini_portile (0.5.1)
    mogreet (0.0.2)
      hashie
      rest-client
    nokogiri (1.6.0)
      mini_portile (~> 0.5.0)
    rack (1.5.2)
    rack-protection (1.5.0)
      rack
    rest-client (1.6.7)
      mime-types (>= 1.16)
    sinatra (1.4.3)
      rack (~> 1.4)
      rack-protection (~> 1.4)
      tilt (~> 1.3, >= 1.3.4)
    tilt (1.4.1)

PLATFORMS
  ruby

DEPENDENCIES
  mogreet
  nokogiri
  sinatra
